GEM
  remote: https://rubygems.org/
  specs:
    ansi (1.5.0)
    backports (3.11.4)
    builder (3.2.3)
    coderay (1.1.2)
    dotenv (2.6.0)
    faraday (0.15.4)
      multipart-post (>= 1.2, < 3)
    kramdown (2.1.0)
    logger (1.3.0)
    method_source (0.9.2)
    minitest (5.11.3)
    minitest-reporters (1.3.6)
      ansi
      builder
      minitest (>= 5.0)
      ruby-progressbar
    multi_json (1.13.1)
    multipart-post (2.0.0)
    pg (1.1.4)
    pry (0.12.2)
      coderay (~> 1.1.0)
      method_source (~> 0.9.0)
    puma (3.12.0)
    rack (1.6.11)
    rack-contrib (1.8.0)
      rack (~> 1.4)
    rack-protection (1.5.5)
      rack
    rack-test (1.1.0)
      rack (>= 1.0, < 3)
    ruby-progressbar (1.10.0)
    sinatra (1.4.8)
      rack (~> 1.5)
      rack-protection (~> 1.4)
      tilt (>= 1.3, < 3)
    sinatra-contrib (1.4.7)
      backports (>= 2.0)
      multi_json
      rack-protection
      rack-test
      sinatra (~> 1.4.0)
      tilt (>= 1.3, < 3)
    sinatra-docdsl (0.8.6)
      kramdown
    tilt (2.0.9)

PLATFORMS
  ruby

DEPENDENCIES
  dotenv
  faraday
  logger
  minitest
  minitest-reporters
  pg
  pry
  puma
  rack-contrib
  rack-test
  sinatra
  sinatra-contrib
  sinatra-docdsl

RUBY VERSION
   ruby 2.4.1p111

BUNDLED WITH
   1.17.2
